GIT
  remote: http://github.com/sanger/lims-core.git
  revision: fdffd3f22f16b8b0321929ef34db5bfc1598c478
  branch: development
  specs:
    lims-core (0.24.2)
      active_support
      aequitas
      bunny (= 0.9.0.pre4)
      facets (= 2.9.3)
      sequel
      state_machine
      uuid
      virtus (= 0.2.0)

GIT
  remote: http://github.com/sinatra/sinatra.git
  revision: 459369eb66224836f72e21bbece58c007f3422fa
  specs:
    sinatra (1.4.0)
      rack (~> 1.4)
      rack-protection (~> 1.3)
      tilt (~> 1.3, >= 1.3.3)

PATH
  remote: .
  specs:
    lims-api (0.0.2)
      active_support
      json
      sequel

GEM
  remote: http://rubygems.org/
  specs:
    active_support (3.0.0)
      activesupport (= 3.0.0)
    activesupport (3.0.0)
    aequitas (0.0.2)
    amq-protocol (1.0.1)
    bond (0.4.3)
    bond (0.4.3-java)
    bunny (0.9.0.pre4)
      amq-protocol (>= 1.0.1)
    coderay (1.0.8)
    columnize (0.3.6)
    debugger (1.2.4)
      columnize (>= 0.3.1)
      debugger-linecache (~> 1.1.1)
      debugger-ruby_core_source (~> 1.1.7)
    debugger-completion (1.0.0)
      bond (>= 0.4.2)
      debugger (~> 1.1)
    debugger-linecache (1.1.2)
      debugger-ruby_core_source (>= 1.1.1)
    debugger-pry (0.1.1)
      debugger (~> 1)
      pry (>= 0.9.9)
    debugger-ruby_core_source (1.1.7)
    diff-lcs (1.1.3)
    facets (2.9.3)
    github-markup (0.7.5)
    growl (1.0.3)
    guard (1.6.1)
      listen (>= 0.6.0)
      lumberjack (>= 1.0.2)
      pry (>= 0.9.10)
      thor (>= 0.14.6)
    guard-bundler (1.0.0)
      bundler (~> 1.0)
      guard (~> 1.1)
    guard-rspec (1.2.1)
      guard (>= 1.1)
    guard-yard (2.0.1)
      guard (>= 1.1.0)
      yard (>= 0.7.0)
    hashdiff (0.0.5)
    json (1.7.6)
    json (1.7.6-java)
    listen (0.7.2)
    lumberjack (1.0.2)
    macaddr (1.6.1)
      systemu (~> 2.5.0)
    method_source (0.8.1)
    pry (0.9.11.4)
      coderay (~> 1.0.5)
      method_source (~> 0.8)
      slop (~> 3.4)
    pry (0.9.11.4-java)
      coderay (~> 1.0.5)
      method_source (~> 0.8)
      slop (~> 3.4)
      spoon (~> 0.0)
    rack (1.4.4)
    rack-protection (1.3.2)
      rack
    rack-test (0.6.2)
      rack (>= 1.0)
    rake (0.9.6)
    redcarpet (2.1.1)
    rspec (2.8.0)
      rspec-core (~> 2.8.0)
      rspec-expectations (~> 2.8.0)
      rspec-mocks (~> 2.8.0)
    rspec-core (2.8.0)
    rspec-expectations (2.8.0)
      diff-lcs (~> 1.1.2)
    rspec-mocks (2.8.0)
    sequel (3.43.0)
    shotgun (0.9)
      rack (>= 1.0)
    slop (3.4.3)
    spoon (0.0.1)
    sqlite3 (1.3.7)
    state_machine (1.1.2)
    systemu (2.5.2)
    thor (0.16.0)
    tilt (1.3.3)
    uuid (2.3.6)
      macaddr (~> 1.0)
    virtus (0.2.0)
    yard (0.8.3)
    yard-rspec (0.1)
      yard

PLATFORMS
  java
  ruby

DEPENDENCIES
  bunny (= 0.9.0.pre4)
  debugger
  debugger-completion
  debugger-pry
  github-markup (~> 0.7.1)
  growl
  guard
  guard-bundler
  guard-rspec
  guard-yard
  hashdiff
  lims-api!
  lims-core (~> 0.24)!
  pry
  rack-test (~> 0.6.1)
  rake (~> 0.9.2)
  redcarpet (~> 2.1.0)
  rspec (~> 2.8.0)
  shotgun
  sinatra!
  sqlite3
  state_machine
  yard (>= 0.7.0)
  yard-rspec (= 0.1)
