GIT
  remote: http://github.com/sanger/lims-core.git
  revision: b3c08da23a420a3273cfc8a0ce94952434a127f6
  branch: development
  specs:
    lims-core (3.1.0.0.0)
      active_support
      aequitas
      bunny (= 0.9.0.pre10)
      dm-validations
      facets (= 2.9.3)
      modularity
      sequel
      state_machine
      uuid
      virtus (= 0.2.0)

GIT
  remote: http://github.com/sanger/psd_logger.git
  revision: dd2d634114df75b1d8535715c169a7fc99521389
  specs:
    psd_logger (0.1.6)

GIT
  remote: http://github.com/sinatra/sinatra.git
  revision: 459369eb66224836f72e21bbece58c007f3422fa
  branch: 459369eb66224836f72e21bbece58c007f3422fa
  specs:
    sinatra (1.4.0)
      rack (~> 1.4)
      rack-protection (~> 1.3)
      tilt (~> 1.3, >= 1.3.3)

PATH
  remote: .
  specs:
    lims-api (3.1.0.1.0)
      active_support
      bunny (= 0.9.0.pre10)
      json
      sequel
      state_machine

GEM
  remote: http://rubygems.org/
  specs:
    active_support (3.0.0)
      activesupport (= 3.0.0)
    activesupport (3.0.0)
    addressable (2.3.5)
    aequitas (0.0.2)
    amq-protocol (1.8.0)
    bond (0.4.3)
    bunny (0.9.0.pre10)
      amq-protocol (>= 1.4.0)
    coderay (1.0.8)
    columnize (0.3.6)
    debugger (1.2.4)
      columnize (>= 0.3.1)
      debugger-linecache (~> 1.1.1)
      debugger-ruby_core_source (~> 1.1.7)
    debugger-completion (1.0.0)
      bond (>= 0.4.2)
      debugger (~> 1.1)
    debugger-linecache (1.1.2)
      debugger-ruby_core_source (>= 1.1.1)
    debugger-pry (0.1.1)
      debugger (~> 1)
      pry (>= 0.9.9)
    debugger-ruby_core_source (1.1.7)
    diff-lcs (1.1.3)
    dm-core (1.2.1)
      addressable (~> 2.3)
    dm-validations (1.2.0)
      dm-core (~> 1.2.0)
    facets (2.9.3)
    github-markup (0.7.5)
    growl (1.0.3)
    guard (1.6.1)
      listen (>= 0.6.0)
      lumberjack (>= 1.0.2)
      pry (>= 0.9.10)
      thor (>= 0.14.6)
    guard-bundler (1.0.0)
      bundler (~> 1.0)
      guard (~> 1.1)
    guard-rspec (1.2.1)
      guard (>= 1.1)
    guard-yard (2.0.1)
      guard (>= 1.1.0)
      yard (>= 0.7.0)
    hashdiff (0.0.5)
    jdbc-mysql (5.1.25)
    jdbc-sqlite3 (3.7.2.1)
    jruby-rack (1.1.13.1)
    json (1.8.1)
    json (1.8.1-java)
    listen (0.7.2)
    lumberjack (1.0.2)
    macaddr (1.6.1)
      systemu (~> 2.5.0)
    method_source (0.8.1)
    modularity (0.6.1)
    mysql2 (0.3.13)
    pry (0.9.11.4)
      coderay (~> 1.0.5)
      method_source (~> 0.8)
      slop (~> 3.4)
    pry (0.9.11.4-java)
      coderay (~> 1.0.5)
      method_source (~> 0.8)
      slop (~> 3.4)
      spoon (~> 0.0)
    rack (1.5.0)
    rack-protection (1.5.0)
      rack
    rack-test (0.6.2)
      rack (>= 1.0)
    rake (0.9.6)
    redcarpet (2.1.1)
    rspec (2.8.0)
      rspec-core (~> 2.8.0)
      rspec-expectations (~> 2.8.0)
      rspec-mocks (~> 2.8.0)
    rspec-core (2.8.0)
    rspec-expectations (2.8.0)
      diff-lcs (~> 1.1.2)
    rspec-mocks (2.8.0)
    ruby-debug (0.10.4)
      columnize (>= 0.1)
      ruby-debug-base (~> 0.10.4.0)
    ruby-debug-base (0.10.4-java)
    ruby-graphviz (1.0.9)
    ruby-prof (0.13.0)
    sequel (4.3.0)
    slop (3.4.3)
    spoon (0.0.1)
    sqlite3 (1.3.7)
    state_machine (1.2.0)
    systemu (2.5.2)
    thor (0.16.0)
    tilt (1.3.6)
    timecop (0.6.3)
    trinidad (1.4.4)
      jruby-rack (>= 1.1.10)
      trinidad_jars (>= 1.1.0)
    trinidad_daemon_extension (0.4.0)
      trinidad (>= 1.3.5)
    trinidad_jars (1.2.0)
    uuid (2.3.7)
      macaddr (~> 1.0)
    virtus (0.2.0)
    yard (0.7.3)
    yard-rspec (0.1)
      yard
    yard-state_machine (0.0.1)
      ruby-graphviz (~> 1.0.0)
      yard (~> 0.7.3)

PLATFORMS
  java
  ruby

DEPENDENCIES
  activesupport (~> 3.0.0)
  debugger
  debugger-completion
  debugger-pry
  github-markup (~> 0.7.1)
  growl
  guard
  guard-bundler
  guard-rspec
  guard-yard
  hashdiff
  jdbc-mysql
  jdbc-sqlite3
  lims-api!
  lims-core (~> 3.1)!
  mysql2
  pry
  psd_logger!
  rack-test (~> 0.6.1)
  rake (~> 0.9.2)
  redcarpet
  rspec (~> 2.8.0)
  ruby-debug
  ruby-graphviz
  ruby-prof
  sinatra!
  sqlite3
  timecop
  trinidad
  trinidad_daemon_extension
  yard (= 0.7.3)
  yard-rspec (= 0.1)
  yard-state_machine
