GIT
  remote: git@github.com:sanger/lims-core.git
  revision: c552d5cbab73bbb3173130db4957bb6bef98ea49
  branch: development
  specs:
    lims-core (0.8.0)
      active_support
      aequitas
      facets (= 2.9.3)
      sequel
      uuid
      virtus (= 0.2.0)

GIT
  remote: git@github.com:sinatra/sinatra.git
  revision: 8752085a05c33edd13d3ec8d3187d1406456d404
  specs:
    sinatra (1.4.0)
      rack (~> 1.3, >= 1.3.6)
      rack-protection (~> 1.2)
      tilt (~> 1.3, >= 1.3.3)

PATH
  remote: .
  specs:
    lims-api (0.0.1)
      active_support
      json
      sequel

GEM
  remote: http://rubygems.org/
  specs:
    active_support (3.0.0)
      activesupport (= 3.0.0)
    activesupport (3.0.0)
    aequitas (0.0.2)
    bond (0.4.2)
    bond (0.4.2-java)
    coderay (1.0.7)
    columnize (0.3.6)
    debugger (1.2.0)
      columnize (>= 0.3.1)
      debugger-linecache (~> 1.1.1)
      debugger-ruby_core_source (~> 1.1.3)
    debugger-completion (1.0.0)
      bond (>= 0.4.2)
      debugger (~> 1.1)
    debugger-linecache (1.1.2)
      debugger-ruby_core_source (>= 1.1.1)
    debugger-pry (0.1.1)
      debugger (~> 1)
      pry (>= 0.9.9)
    debugger-ruby_core_source (1.1.3)
    diff-lcs (1.1.3)
    facets (2.9.3)
    ffi (1.0.11)
    ffi (1.0.11-java)
    github-markup (0.7.2)
    growl (1.0.3)
    guard (1.1.1)
      listen (>= 0.4.2)
      thor (>= 0.14.6)
    guard-bundler (1.0.0)
      bundler (~> 1.0)
      guard (~> 1.1)
    guard-rspec (1.1.0)
      guard (>= 1.1)
    guard-yard (2.0.0)
      guard (>= 1.1.0)
      yard (>= 0.7.0)
    hashdiff (0.0.5)
    json (1.7.3)
    json (1.7.3-java)
    listen (0.4.5)
      rb-fchange (~> 0.0.5)
      rb-fsevent (~> 0.9.1)
      rb-inotify (~> 0.8.8)
    macaddr (1.6.1)
      systemu (~> 2.5.0)
    method_source (0.8)
    pry (0.9.10)
      coderay (~> 1.0.5)
      method_source (~> 0.8)
      slop (~> 3.3.1)
    pry (0.9.10-java)
      coderay (~> 1.0.5)
      method_source (~> 0.8)
      slop (~> 3.3.1)
      spoon (~> 0.0)
    rack (1.4.1)
    rack-protection (1.2.0)
      rack
    rack-test (0.6.1)
      rack (>= 1.0)
    rake (0.9.2.2)
    rb-fchange (0.0.5)
      ffi
    rb-fsevent (0.9.1)
    rb-inotify (0.8.8)
      ffi (>= 0.5.0)
    redcarpet (2.1.1)
    rspec (2.8.0)
      rspec-core (~> 2.8.0)
      rspec-expectations (~> 2.8.0)
      rspec-mocks (~> 2.8.0)
    rspec-core (2.8.0)
    rspec-expectations (2.8.0)
      diff-lcs (~> 1.1.2)
    rspec-mocks (2.8.0)
    sequel (3.37.0)
    shotgun (0.9)
      rack (>= 1.0)
    slop (3.3.2)
    spoon (0.0.1)
    sqlite3 (1.3.6)
    state_machine (1.1.2)
    systemu (2.5.2)
    thor (0.15.2)
    tilt (1.3.3)
    uuid (2.3.5)
      macaddr (~> 1.0)
    virtus (0.2.0)
    yard (0.8.2.1)
    yard-rspec (0.1)
      yard

PLATFORMS
  java
  ruby

DEPENDENCIES
  debugger
  debugger-completion
  debugger-pry
  github-markup (~> 0.7.1)
  growl
  guard
  guard-bundler
  guard-rspec
  guard-yard
  hashdiff
  lims-api!
  lims-core (~> 0.8.0)!
  pry
  rack-test (~> 0.6.1)
  rake (~> 0.9.2)
  redcarpet (~> 2.1.0)
  rspec (~> 2.8.0)
  shotgun
  sinatra!
  sqlite3
  state_machine
  yard (>= 0.7.0)
  yard-rspec (= 0.1)
